GEM
  remote: https://rubygems.org/
  specs:
    ethon (0.8.1)
      ffi (>= 1.3.0)
    ffi (1.9.14)
    rack (1.6.5)
    rack-protection (1.5.3)
      rack
    sinatra (1.4.7)
      rack (~> 1.5)
      rack-protection (~> 1.4)
      tilt (>= 1.3, < 3)
    tilt (2.0.5)
    typhoeus (0.8.0)
      ethon (>= 0.8.0)

PLATFORMS
  ruby

DEPENDENCIES
  sinatra
  typhoeus

BUNDLED WITH
   1.11.2
